GEM
  remote: http://rubygems.org/
  specs:
    ey_config (0.0.5)
    pg (0.13.2)
    rake (0.9.2.2)

PLATFORMS
  ruby

DEPENDENCIES
  ey_config
  pg
  rake
